GIT
  remote: git://github.com/brialparker/stead
  revision: ae79060f777f27b7f5db18b7af62452f68799978
  specs:
    stead (0.0.16)
      nokogiri
      trollop

GEM
  remote: http://rubygems.org/
  specs:
    coderay (1.1.0)
    equivalent-xml (0.1.6)
      nokogiri
    method_source (0.8.2)
    mini_portile2 (2.1.0)
    nokogiri (1.7.0.1)
      mini_portile2 (~> 2.1.0)
    power_assert (0.2.7)
    pry (0.10.1)
      coderay (~> 1.1.0)
      method_source (~> 0.8.1)
      slop (~> 3.4)
    rake (10.0.2)
    shoulda (2.11.3)
    slop (3.6.0)
    test-unit (3.1.7)
      power_assert
    trollop (2.1.2)

PLATFORMS
  ruby

DEPENDENCIES
  equivalent-xml
  nokogiri
  pry
  rake
  shoulda
  stead!
  test-unit
  trollop

BUNDLED WITH
   1.14.6
